GEM
  remote: https://rubygems.org/
  specs:
    aws-sdk (2.1.35)
      aws-sdk-resources (= 2.1.35)
    aws-sdk-core (2.1.35)
      jmespath (~> 1.0)
    aws-sdk-resources (2.1.35)
      aws-sdk-core (= 2.1.35)
    jmespath (1.1.3)
    rake (10.4.2)

PLATFORMS
  x86-mingw32

DEPENDENCIES
  aws-sdk (~> 2)
  rake

BUNDLED WITH
   1.10.6
